GEM
  remote: https://rubygems.org/
  specs:
    ast (2.2.0)
    bundler-audit (0.5.0)
      bundler (~> 1.2)
      thor (~> 0.18)
    capistrano (3.4.0)
      i18n
      rake (>= 10.0.0)
      sshkit (~> 1.3)
    capistrano-bundle_audit (0.0.5)
      bundler-audit
      capistrano (~> 3.0)
    capistrano-bundler (1.1.4)
      capistrano (~> 3.1)
      sshkit (~> 1.2)
    capistrano-one_time_key (0.0.1)
      capistrano (~> 3.0)
    capistrano-releaseboard (0.0.1)
      faraday
    coveralls (0.8.13)
      json (~> 1.8)
      simplecov (~> 0.11.0)
      term-ansicolor (~> 1.3)
      thor (~> 0.19.1)
      tins (~> 1.6.0)
    diff-lcs (1.2.5)
    dlss-capistrano (3.2.0)
      capistrano (~> 3.0)
      capistrano-bundle_audit (>= 0.0.3)
      capistrano-one_time_key
      capistrano-releaseboard
    dlss_cops (0.0.3)
      rubocop (~> 0.37.0)
      rubocop-rspec (~> 1.4.0)
    docile (1.1.5)
    faraday (0.9.2)
      multipart-post (>= 1.2, < 3)
    i18n (0.7.0)
    json (1.8.3)
    multipart-post (2.0.0)
    net-scp (1.2.1)
      net-ssh (>= 2.6.5)
    net-ssh (3.1.1)
    parser (2.3.0.7)
      ast (~> 2.2)
    powerpack (0.1.1)
    rainbow (2.1.0)
    rake (11.1.2)
    rspec (3.4.0)
      rspec-core (~> 3.4.0)
      rspec-expectations (~> 3.4.0)
      rspec-mocks (~> 3.4.0)
    rspec-core (3.4.4)
      rspec-support (~> 3.4.0)
    rspec-expectations (3.4.0)
      diff-lcs (>= 1.2.0, < 2.0)
      rspec-support (~> 3.4.0)
    rspec-mocks (3.4.1)
      diff-lcs (>= 1.2.0, < 2.0)
      rspec-support (~> 3.4.0)
    rspec-support (3.4.1)
    rubocop (0.37.2)
      parser (>= 2.3.0.4, < 3.0)
      powerpack (~> 0.1)
      rainbow (>= 1.99.1, < 3.0)
      ruby-progressbar (~> 1.7)
      unicode-display_width (~> 0.3)
    rubocop-rspec (1.4.0)
    ruby-progressbar (1.7.5)
    simplecov (0.11.2)
      docile (~> 1.1.0)
      json (~> 1.8)
      simplecov-html (~> 0.10.0)
    simplecov-html (0.10.0)
    sshkit (1.9.0)
      net-scp (>= 1.1.2)
      net-ssh (>= 2.8.0)
    term-ansicolor (1.3.2)
      tins (~> 1.0)
    thor (0.19.1)
    tins (1.6.0)
    unicode-display_width (0.3.1)

PLATFORMS
  ruby

DEPENDENCIES
  capistrano (~> 3.0)
  capistrano-bundler
  coveralls
  dlss-capistrano
  dlss_cops
  rake
  rspec

BUNDLED WITH
   1.11.2
